GEM
  remote: http://rubygems.org/
  specs:
<<<<<<< HEAD
    graphite_graph (0.0.6)
    rack (1.4.1)
    rack-protection (1.2.0)
      rack
    redcarpet (2.1.1)
    sinatra (1.3.2)
      rack (~> 1.3, >= 1.3.6)
      rack-protection (~> 1.2)
      tilt (~> 1.3, >= 1.3.3)
=======
    daemons (1.1.9)
    eventmachine (0.12.10)
    rack (1.4.1)
    sinatra (1.1.0)
      rack (~> 1.1)
      tilt (~> 1.1)
    thin (1.4.1)
      daemons (>= 1.0.9)
      eventmachine (>= 0.12.6)
      rack (>= 1.0.0)
>>>>>>> 2334e7bfbfff5157da80d3ad9422a0b3e04f092d
    tilt (1.3.3)

PLATFORMS
  ruby

DEPENDENCIES
<<<<<<< HEAD
  graphite_graph (~> 0.0.6)
  redcarpet
  sinatra
=======
  sinatra (= 1.1.0)
  thin
>>>>>>> 2334e7bfbfff5157da80d3ad9422a0b3e04f092d
